GEM
  remote: https://rubygems.org/
  specs:
    addressable (2.8.5)
      public_suffix (>= 2.0.2, < 6.0)
    archive-tar-minitar (0.5.2)
    arr-pm (0.0.10)
      cabin (> 0)
    backports (3.6.8)
    cabin (0.8.1)
    childprocess (0.5.9)
      ffi (~> 1.0, >= 1.0.11)
    clamp (1.0.0)
    ffi (1.9.14)
    fpm (1.6.2)
      archive-tar-minitar
      arr-pm (~> 0.0.10)
      backports (>= 2.6.2)
      cabin (>= 0.6.0)
      childprocess
      clamp (~> 1.0.0)
      ffi
      json (>= 1.7.7, < 2.0)
      pleaserun (~> 0.0.24)
      ruby-xz
    git (1.13.0)
      addressable (~> 2.8)
      rchardet (~> 1.8)
    insist (1.0.0)
    io-like (0.3.0)
    json (1.8.3)
    mustache (0.99.8)
    pleaserun (0.0.24)
      cabin (> 0)
      clamp
      insist
      mustache (= 0.99.8)
      stud
    public_suffix (5.0.3)
    rchardet (1.8.0)
    ruby-xz (0.2.3)
      ffi (~> 1.9)
      io-like (~> 0.3)
    stud (0.0.22)

PLATFORMS
  ruby

DEPENDENCIES
  fpm
  git

BUNDLED WITH
   1.12.5
